PATH
  remote: .
  specs:
    tay (0.1.0)
      bundler (~> 1.2.3)
      crxmake (~> 2.0.7)
      sprockets (~> 2.4.3)
      thor (~> 0.15.2)
      tilt (~> 1.3.3)

GEM
  remote: https://rubygems.org/
  specs:
    coffee-script (2.2.0)
      coffee-script-source
      execjs
    coffee-script-source (1.4.0)
    crxmake (2.0.7)
      zip (~> 2.0.2)
    diff-lcs (1.1.3)
    execjs (1.4.0)
      multi_json (~> 1.0)
    haml (3.1.7)
    hike (1.2.1)
    json (1.7.6)
    multi_json (1.5.0)
    rack (1.4.1)
    rake (10.0.3)
    rdoc (3.12)
      json (~> 1.4)
    rspec (2.12.0)
      rspec-core (~> 2.12.0)
      rspec-expectations (~> 2.12.0)
      rspec-mocks (~> 2.12.0)
    rspec-core (2.12.2)
    rspec-expectations (2.12.1)
      diff-lcs (~> 1.1.3)
    rspec-mocks (2.12.1)
    sdoc (0.3.20)
      json (>= 1.1.3)
      rdoc (~> 3.10)
    sprockets (2.4.5)
      hike (~> 1.2)
      multi_json (~> 1.0)
      rack (~> 1.0)
      tilt (~> 1.1, != 1.3.0)
    thor (0.15.4)
    tilt (1.3.3)
    zip (2.0.2)

PLATFORMS
  ruby

DEPENDENCIES
  coffee-script (~> 2.2.0)
  haml (~> 3.1.7)
  rake (~> 10.0.3)
  rspec (~> 2.12)
  sdoc (~> 0.3.20)
  tay!
